GEM
  remote: https://rubygems.org/
  specs:
    aws-sdk (1.34.1)
      json (~> 1.4)
      nokogiri (>= 1.4.4)
      uuidtools (~> 2.1)
    colorator (0.1)
    ffi (1.9.3)
    jekyll (3.1.6)
      colorator (~> 0.1)
      jekyll-sass-converter (~> 1.0)
      jekyll-watch (~> 1.1)
      kramdown (~> 1.3)
      liquid (~> 3.0)
      mercenary (~> 0.3.3)
      rouge (~> 1.7)
      safe_yaml (~> 1.0)
    jekyll-sass-converter (1.5.2)
      sass (~> 3.4)
    jekyll-watch (1.5.1)
      listen (~> 3.0)
    json (1.8.1)
    kramdown (1.17.0)
    liquid (3.0.6)
    listen (3.0.5)
      rb-fsevent (>= 0.9.3)
      rb-inotify (>= 0.9)
    mercenary (0.3.6)
    mini_portile2 (2.8.7)
    nokogiri (1.16.5)
      mini_portile2 (~> 2.8.2)
      racc (~> 1.4)
    octopress (3.0.12.pre.1)
      jekyll (>= 2.0)
      mercenary (~> 0.3.2)
      octopress-deploy
      octopress-escape-code (~> 2.0)
      octopress-hooks (~> 2.0)
      redcarpet (~> 3.0)
      titlecase
    octopress-deploy (1.0.0.alpha.3)
      aws-sdk
      colorator
    octopress-escape-code (2.1.1)
      jekyll (~> 3.0)
    octopress-hooks (2.6.2)
      jekyll (>= 2.0)
    racc (1.8.1)
    rb-fsevent (0.9.4)
    rb-inotify (0.9.3)
      ffi (>= 0.5.0)
    redcarpet (3.6.0)
    rouge (1.11.1)
    safe_yaml (1.0.5)
    sass (3.4.25)
    titlecase (0.1.1)
    uuidtools (2.1.4)
    yajl-ruby (1.4.3)

PLATFORMS
  ruby

DEPENDENCIES
  nokogiri (>= 1.16.5)
  octopress
  octopress-deploy
